GEM
  remote: http://rubygems.org/
  specs:
    adsf (1.2.0)
      rack (>= 1.0.0)
    blankslate (3.1.2)
    builder (3.2.2)
    celluloid (0.15.2)
      timers (~> 1.1.0)
    coderay (1.1.0)
    colored (1.2)
    cri (2.4.1)
      colored (>= 1.2)
    daemons (1.1.9)
    ethon (0.7.1)
      ffi (>= 1.3.0)
    eventmachine (1.0.3)
    ffi (1.9.3)
    formatador (0.2.5)
    fssm (0.2.10)
    guard (2.6.1)
      formatador (>= 0.2.4)
      listen (~> 2.7)
      lumberjack (~> 1.0)
      pry (>= 0.9.12)
      thor (>= 0.18.1)
    guard-nanoc (1.0.0)
    guard-process (1.0.6)
      guard (>= 0.4.2)
      spoon (~> 0.0.1)
    html-proofer (1.3.3)
      colored (~> 1.2)
      mercenary (~> 0.3.2)
      nokogiri (~> 1.5)
      typhoeus (~> 0.6.7)
      yell (~> 2.0)
    kramdown (1.3.3)
    listen (2.7.9)
      celluloid (>= 0.15.2)
      rb-fsevent (>= 0.9.3)
      rb-inotify (>= 0.9)
    lumberjack (1.0.9)
    mercenary (0.3.4)
    method_source (0.8.2)
    mime-types (1.25.1)
    mini_portile (0.6.0)
    nanoc (3.4.3)
      cri (~> 2.2)
    nokogiri (1.6.3.1)
      mini_portile (= 0.6.0)
    pry (0.10.0)
      coderay (~> 1.1.0)
      method_source (~> 0.8.1)
      slop (~> 3.4)
    pygments.rb (0.2.3)
      rubypython (>= 0.5.1)
    rack (1.5.2)
    rake (0.9.6)
    rb-fsevent (0.9.4)
    rb-inotify (0.9.5)
      ffi (>= 0.5.0)
    rubypython (0.6.3)
      blankslate (>= 2.1.2.3)
      ffi (>= 1.0.7)
    sass (3.4.13)
    slop (3.5.0)
    spoon (0.0.4)
      ffi
    thin (1.6.1)
      daemons (>= 1.0.9)
      eventmachine (>= 1.0.0)
      rack (>= 1.0.0)
    thor (0.19.1)
    timers (1.1.0)
    typhoeus (0.6.9)
      ethon (>= 0.7.1)
    yajl-ruby (0.8.3)
    yell (2.0.4)

PLATFORMS
  ruby

DEPENDENCIES
  adsf
  builder
  coderay
  fssm
  guard
  guard-nanoc
  guard-process
  html-proofer (~> 1.3.0)
  kramdown (~> 1.3.3)
  mime-types (~> 1.16)
  nanoc (~> 3.4.3)
  nokogiri (~> 1.6.0)
  pry
  pygments.rb
  rake (~> 0.9.2)
  sass
  thin
  yajl-ruby (~> 0.8.2)
